PATH
  remote: .
  specs:
    elasticonf (1.1.3)
      hashie (>= 2.0)

GEM
  remote: https://rubygems.org/
  specs:
    coveralls (0.8.17)
      json (>= 1.8, < 3)
      simplecov (~> 0.12.0)
      term-ansicolor (~> 1.3)
      thor (~> 0.19.1)
      tins (~> 1.6)
    diff-lcs (1.2.5)
    docile (1.1.5)
    hashie (3.4.6)
    json (2.0.2)
    rake (10.5.0)
    rspec (2.14.1)
      rspec-core (~> 2.14.0)
      rspec-expectations (~> 2.14.0)
      rspec-mocks (~> 2.14.0)
    rspec-core (2.14.8)
    rspec-expectations (2.14.5)
      diff-lcs (>= 1.1.3, < 2.0)
    rspec-mocks (2.14.6)
    simplecov (0.12.0)
      docile (~> 1.1.0)
      json (>= 1.8, < 3)
      simplecov-html (~> 0.10.0)
    simplecov-html (0.10.0)
    term-ansicolor (1.4.0)
      tins (~> 1.0)
    thor (0.19.4)
    tins (1.13.0)
    yard (0.9.5)

PLATFORMS
  ruby

DEPENDENCIES
  coveralls
  elasticonf!
  rake (~> 10.3)
  rspec (~> 2.14.0)
  yard (~> 0.8)

BUNDLED WITH
   1.12.5
